PATH
  remote: .
  specs:
    faye (0.8.2)
      cookiejar (>= 0.3.0)
      em-http-request (>= 0.3.0)
      eventmachine (>= 0.12.0)
      faye-websocket (>= 0.4.0)
      rack (>= 1.0.0)
      yajl-ruby (>= 1.0.0)

GEM
  remote: http://rubygems.org/
  specs:
    RedCloth (3.0.4)
    addressable (2.2.8)
    compass (0.10.6)
      haml (>= 3.0.4)
    cookiejar (0.3.0)
    daemons (1.1.8)
    diff-lcs (1.1.3)
    em-http-request (1.0.2)
      addressable (>= 2.2.3)
      cookiejar
      em-socksify
      eventmachine (>= 1.0.0.beta.4)
      http_parser.rb (>= 0.5.3)
    em-socksify (0.2.0)
      eventmachine (>= 1.0.0.beta.4)
    eventful (1.0.0)
      methodphitamine
    eventmachine (1.0.0.beta.4)
    faye-websocket (0.4.5)
      eventmachine (>= 0.12.0)
    haml (3.1.6)
    http_parser.rb (0.5.3)
    jake (1.1.1)
      eventful (>= 1.0.0)
      oyster (>= 0.9.5)
      packr (>= 3.2.0)
    kgio (2.7.4)
    methodphitamine (1.0.0)
    oyster (0.9.5)
    packr (3.2.0)
      oyster (>= 0.9.5)
    rack (1.4.1)
    rack-protection (1.2.0)
      rack
    rack-proxy (0.3.7)
      rack
    rack-test (0.6.1)
      rack (>= 1.0)
    rainbows (4.3.1)
      kgio (~> 2.5)
      rack (~> 1.1)
      unicorn (~> 4.1)
    raindrops (0.9.0)
    rake (0.9.2.2)
    rspec (2.8.0)
      rspec-core (~> 2.8.0)
      rspec-expectations (~> 2.8.0)
      rspec-mocks (~> 2.8.0)
    rspec-core (2.8.0)
    rspec-expectations (2.8.0)
      diff-lcs (~> 1.1.2)
    rspec-mocks (2.8.0)
    sinatra (1.3.2)
      rack (~> 1.3, >= 1.3.6)
      rack-protection (~> 1.2)
      tilt (~> 1.3, >= 1.3.3)
    staticmatic (0.11.1)
      compass (>= 0.10.0)
      haml (>= 2.0.0)
      rack (>= 1.0)
    thin (1.3.1)
      daemons (>= 1.0.9)
      eventmachine (>= 0.12.6)
      rack (>= 1.0.0)
    tilt (1.3.3)
    unicorn (4.3.1)
      kgio (~> 2.6)
      rack
      raindrops (~> 0.7)
    yajl-ruby (1.1.0)

PLATFORMS
  ruby

DEPENDENCIES
  RedCloth (~> 3.0.0)
  compass (~> 0.10.0)
  faye!
  jake (>= 1.1.1)
  rack-proxy
  rack-test
  rainbows (>= 1.0.0)
  rake
  rspec (~> 2.8.0)
  sinatra
  staticmatic
  thin (>= 1.2.0)
